GEM
  remote: https://rubygems.org/
  specs:
    activesupport (7.0.4)
      concurrent-ruby (~> 1.0, >= 1.0.2)
      i18n (>= 1.6, < 2)
      minitest (>= 5.1)
      tzinfo (~> 2.0)
    ast (2.4.2)
    concurrent-ruby (1.1.10)
    diff-lcs (1.3)
    gitlab-styles (3.2.0)
      rubocop (~> 0.74.0)
      rubocop-gitlab-security (~> 0.1.0)
      rubocop-performance (~> 1.4.1)
      rubocop-rails (~> 2.0)
      rubocop-rspec (~> 1.36)
    i18n (1.12.0)
      concurrent-ruby (~> 1.0)
    jaro_winkler (1.5.4)
    minitest (5.16.3)
    parallel (1.22.1)
    parser (3.1.2.1)
      ast (~> 2.4.1)
    rack (3.0.0)
    rainbow (3.1.1)
    rspec (3.9.0)
      rspec-core (~> 3.9.0)
      rspec-expectations (~> 3.9.0)
      rspec-mocks (~> 3.9.0)
    rspec-core (3.9.1)
      rspec-support (~> 3.9.1)
    rspec-expectations (3.9.1)
      diff-lcs (>= 1.2.0, < 2.0)
      rspec-support (~> 3.9.0)
    rspec-mocks (3.9.1)
      diff-lcs (>= 1.2.0, < 2.0)
      rspec-support (~> 3.9.0)
    rspec-support (3.9.2)
    rspec_junit_formatter (0.4.1)
      rspec-core (>= 2, < 4, != 2.12.0)
    rubocop (0.74.0)
      jaro_winkler (~> 1.5.1)
      parallel (~> 1.10)
      parser (>= 2.6)
      rainbow (>= 2.2.2, < 4.0)
      ruby-progressbar (~> 1.7)
      unicode-display_width (>= 1.4.0, < 1.7)
    rubocop-gitlab-security (0.1.1)
      rubocop (>= 0.51)
    rubocop-performance (1.4.1)
      rubocop (>= 0.71.0)
    rubocop-rails (2.5.2)
      activesupport
      rack (>= 1.1)
      rubocop (>= 0.72.0)
    rubocop-rspec (1.41.0)
      rubocop (>= 0.68.1)
    ruby-progressbar (1.11.0)
    tzinfo (2.0.5)
      concurrent-ruby (~> 1.0)
    unicode-display_width (1.6.1)
    yard (0.9.24)

PLATFORMS
  ruby

DEPENDENCIES
  gitlab-styles (~> 3.2.0)
  rspec (~> 3.9.0)
  rspec_junit_formatter (~> 0.4.0)
  yard (~> 0.9)

BUNDLED WITH
   1.17.3
